PATH
  remote: .
  specs:
    rulers (0.0.1)
      rack
      webrick

GEM
  remote: https://rubygems.org/
  specs:
    minitest (5.20.0)
    rack (3.0.8)
    rack-test (2.1.0)
      rack (>= 1.3)
    rake (13.1.0)
    webrick (1.8.1)

PLATFORMS
  ruby
  x86_64-linux

DEPENDENCIES
  minitest
  rack-test
  rake (~> 13.0)
  rulers!

BUNDLED WITH
   2.5.1
